GEM
  remote: https://rubygems.org/
  specs:
    faraday (2.12.2)
      faraday-net_http (>= 2.0, < 3.5)
      json
      logger
    faraday-net_http (3.4.0)
      net-http (>= 0.5.0)
    ffi (1.17.1-arm64-darwin)
    json (2.9.1)
    logger (1.6.5)
    mini_portile2 (2.8.8)
    multi_json (1.15.0)
    net-http (0.6.0)
      uri
    opensearch-ruby (3.4.0)
      faraday (>= 1.0, < 3)
      multi_json (>= 1.0)
    rake (13.2.1)
    rdkafka (0.19.0)
      ffi (~> 1.15)
      mini_portile2 (~> 2.6)
      rake (> 12)
    uri (1.0.2)

PLATFORMS
  arm64-darwin

DEPENDENCIES
  opensearch-ruby
  rdkafka

BUNDLED WITH
   2.5.3
