GEM
  remote: https://rubygems.org/
  specs:
    ffi (1.17.1-arm64-darwin)
    mini_portile2 (2.8.8)
    rake (13.2.1)
    rdkafka (0.19.0)
      ffi (~> 1.15)
      mini_portile2 (~> 2.6)
      rake (> 12)

PLATFORMS
  arm64-darwin

DEPENDENCIES
  rdkafka

BUNDLED WITH
   2.5.3
